GEM
  remote: http://rubygems.org/
  specs:
    hamster (0.4.3)
    polyglot (0.3.3)
    treetop (1.4.15)
      polyglot
      polyglot (>= 0.3.1)
    values (1.5.0)

PLATFORMS
  ruby

DEPENDENCIES
  hamster
  treetop
  values
